GEM
  remote: https://rubygems.org/
  specs:
    async (2.27.4)
      console (~> 1.29)
      fiber-annotation
      io-event (~> 1.11)
      metrics (~> 0.12)
      traces (~> 0.15)
    async-http (0.91.0)
      async (>= 2.10.2)
      async-pool (~> 0.11)
      io-endpoint (~> 0.14)
      io-stream (~> 0.6)
      metrics (~> 0.12)
      protocol-http (~> 0.49)
      protocol-http1 (~> 0.30)
      protocol-http2 (~> 0.22)
      traces (~> 0.10)
    async-pool (0.11.0)
      async (>= 2.0)
    base64 (0.3.0)
    benchmark (0.4.1)
    console (1.33.0)
      fiber-annotation
      fiber-local (~> 1.1)
      json
    domain_name (0.6.20240107)
    fiber-annotation (0.2.0)
    fiber-local (1.1.0)
      fiber-storage
    fiber-storage (1.0.1)
    http-2 (1.1.1)
    http-accept (1.7.0)
    http-cookie (1.0.8)
      domain_name (~> 0.5)
    httpx (1.5.1)
      http-2 (>= 1.0.0)
    io-endpoint (0.15.2)
    io-event (1.12.1)
    io-stream (0.10.0)
    json (2.13.2)
    logger (1.7.0)
    memory_profiler (1.1.0)
    metrics (0.13.0)
    mime-types (3.7.0)
      logger
      mime-types-data (~> 3.2025, >= 3.2025.0507)
    mime-types-data (3.2025.0819)
    mustermann (3.0.4)
      ruby2_keywords (~> 0.0.1)
    netrc (0.11.0)
    nio4r (2.7.4)
    parallel (1.27.0)
    protocol-hpack (1.5.1)
    protocol-http (0.53.0)
    protocol-http1 (0.34.1)
      protocol-http (~> 0.22)
    protocol-http2 (0.22.1)
      protocol-hpack (~> 1.4)
      protocol-http (~> 0.47)
    puma (6.6.1)
      nio4r (~> 2.0)
    rack (3.2.0)
    rack-protection (4.1.1)
      base64 (>= 0.1.0)
      logger (>= 1.6.0)
      rack (>= 3.0.0, < 4)
    rack-session (2.1.1)
      base64 (>= 0.1.0)
      rack (>= 3.0.0)
    rackup (2.2.1)
      rack (>= 3)
    rest-client (2.1.0)
      http-accept (>= 1.7.0, < 2.0)
      http-cookie (>= 1.0.2, < 2.0)
      mime-types (>= 1.16, < 4.0)
      netrc (~> 0.8)
    ruby2_keywords (0.0.5)
    sinatra (4.1.1)
      logger (>= 1.6.0)
      mustermann (~> 3.0)
      rack (>= 3.0.0, < 4)
      rack-protection (= 4.1.1)
      rack-session (>= 2.0.0, < 3)
      tilt (~> 2.0)
    stackprof (0.2.27)
    tilt (2.6.1)
    traces (0.17.0)

PLATFORMS
  x86_64-linux

DEPENDENCIES
  async
  async-http
  benchmark
  httpx
  json
  memory_profiler
  parallel
  puma
  rackup
  rest-client
  sinatra
  stackprof

BUNDLED WITH
   2.4.19
